GEM
  remote: https://rubygems.org/
  specs:
    coderay (1.1.1)
    concurrent-ruby (1.0.5)
    concurrent-ruby (1.0.5-java)
    connection_pool (2.2.1)
    diff-lcs (1.3)
    equalizer (0.0.11)
    erubis (2.7.0)
    ffi (1.9.18)
    ffi (1.9.18-java)
    method_source (0.8.2)
    pry (0.10.4)
      coderay (~> 1.1.0)
      method_source (~> 0.8.1)
      slop (~> 3.4)
    pry (0.10.4-java)
      coderay (~> 1.1.0)
      method_source (~> 0.8.1)
      slop (~> 3.4)
      spoon (~> 0.0)
    puma (3.8.2)
    puma (3.8.2-java)
    rack (2.0.1)
    rack-protection (1.5.3)
      rack
    rake (12.0.0)
    redis (3.3.3)
    roda (2.24.0)
      rack
    rspec (3.5.0)
      rspec-core (~> 3.5.0)
      rspec-expectations (~> 3.5.0)
      rspec-mocks (~> 3.5.0)
    rspec-core (3.5.4)
      rspec-support (~> 3.5.0)
    rspec-expectations (3.5.0)
      diff-lcs (>= 1.2.0, < 2.0)
      rspec-support (~> 3.5.0)
    rspec-mocks (3.5.0)
      diff-lcs (>= 1.2.0, < 2.0)
      rspec-support (~> 3.5.0)
    rspec-support (3.5.0)
    sidekiq (4.2.10)
      concurrent-ruby (~> 1.0)
      connection_pool (~> 2.2, >= 2.2.0)
      rack-protection (>= 1.5.0)
      redis (~> 3.2, >= 3.2.1)
    slop (3.6.0)
    spoon (0.0.6)
      ffi
    tilt (2.0.7)

PLATFORMS
  java
  ruby

DEPENDENCIES
  equalizer
  erubis
  pry
  puma
  rake
  redis
  roda
  rspec (~> 3.0)
  sidekiq
  tilt

BUNDLED WITH
   1.14.6
